GEM
  remote: http://rubygems.org/
  specs:
    adyen-ruby-api-library (2.0.0)
      faraday
    braintree (2.97.0)
      builder (>= 2.0.0)
    builder (3.2.3)
    byebug (11.0.1)
    chargebee (2.4.3)
      json_pure (~> 1.5)
      rest-client (>= 1.8, < 3.0)
    connection_pool (2.2.2)
    domain_name (0.5.20180417)
      unf (>= 0.0.5, < 1.0.0)
    faraday (0.15.4)
      multipart-post (>= 1.2, < 3)
    http-cookie (1.0.3)
      domain_name (~> 0.5)
    json (2.2.0)
    json_pure (1.8.6)
    mime-types (3.2.2)
      mime-types-data (~> 3.2015)
    mime-types-data (3.2019.0331)
    mini_portile2 (2.4.0)
    multi_json (1.13.1)
    multipart-post (2.1.1)
    mustermann (1.0.3)
    net-http-persistent (3.0.1)
      connection_pool (~> 2.2)
    netrc (0.11.0)
    nokogiri (1.10.3)
      mini_portile2 (~> 2.4.0)
    rack (2.0.7)
    rack-protection (2.0.5)
      rack
    rest-client (2.0.2)
      http-cookie (>= 1.0.2, < 2.0)
      mime-types (>= 1.16, < 4.0)
      netrc (~> 0.8)
    sinatra (2.0.5)
      mustermann (~> 1.0)
      rack (~> 2.0)
      rack-protection (= 2.0.5)
      tilt (~> 2.0)
    sinatra-cors (1.1.0)
    spreedly (2.0.20)
      nokogiri
    stripe (4.19.0)
      faraday (~> 0.13)
      net-http-persistent (~> 3.0)
    tilt (2.0.9)
    unf (0.1.4)
      unf_ext
    unf_ext (0.0.7.6)

PLATFORMS
  ruby

DEPENDENCIES
  adyen-ruby-api-library
  braintree
  byebug
  chargebee (= 2.4.3)
  json
  multi_json
  sinatra
  sinatra-cors
  spreedly
  stripe

BUNDLED WITH
   1.17.2
